GEM
  remote: https://rubygems.org/
  specs:
    coderay (1.1.3)
    json (2.6.2)
    method_source (1.0.0)
    pg (1.4.1)
    pry (0.13.1)
      coderay (~> 1.1)
      method_source (~> 1.0)
    sequel (5.57.0)

PLATFORMS
  ruby

DEPENDENCIES
  json (~> 2.3)
  pg (~> 1.2)
  pry (~> 0.13.1)
  sequel (~> 5.10)

BUNDLED WITH
   2.1.4
